GEM
  remote: https://rubygems.org/
  specs:
    mustermann (1.0.3)
    oj (3.7.4)
    oj_mimic_json (1.0.1)
    puma (3.12.0)
    rack (2.0.7)
    rack-cache (1.9.0)
      rack (>= 0.4)
    rack-protection (2.0.5)
      rack
    sinatra (2.0.5)
      mustermann (~> 1.0)
      rack (~> 2.0)
      rack-protection (= 2.0.5)
      tilt (~> 2.0)
    tilt (2.0.9)

PLATFORMS
  ruby

DEPENDENCIES
  oj
  oj_mimic_json
  puma
  rack-cache
  sinatra (~> 2.0.5)

RUBY VERSION
   ruby 2.6.1p33

BUNDLED WITH
   1.17.2
