GEM
  remote: https://rubygems.org/
  specs:
    ast (2.4.2)
    async (2.12.1)
      console (~> 1.25, >= 1.25.2)
      fiber-annotation
      io-event (~> 1.6, >= 1.6.5)
    async-container (0.18.2)
      async (~> 2.10)
    async-http (0.69.0)
      async (>= 2.10.2)
      async-pool (~> 0.7)
      io-endpoint (~> 0.11)
      io-stream (~> 0.4)
      protocol-http (~> 0.26)
      protocol-http1 (~> 0.19)
      protocol-http2 (~> 0.18)
      traces (>= 0.10)
    async-http-cache (0.4.3)
      async-http (~> 0.56)
    async-pool (0.7.0)
      async (>= 1.25)
    async-service (0.12.0)
      async
      async-container (~> 0.16)
    console (1.25.2)
      fiber-annotation
      fiber-local (~> 1.1)
      json
    falcon (0.47.7)
      async
      async-container (~> 0.18)
      async-http (~> 0.66, >= 0.66.3)
      async-http-cache (~> 0.4.0)
      async-service (~> 0.10)
      bundler
      localhost (~> 1.1)
      openssl (~> 3.0)
      process-metrics (~> 0.2.0)
      protocol-rack (~> 0.5)
      samovar (~> 2.3)
    fiber-annotation (0.2.0)
    fiber-local (1.1.0)
      fiber-storage
    fiber-storage (0.1.2)
    io-endpoint (0.11.0)
    io-event (1.6.5)
    io-stream (0.4.0)
    json (2.7.2)
    language_server-protocol (3.17.0.3)
    localhost (1.3.1)
    mapping (1.1.1)
    openssl (3.2.0)
    parallel (1.25.1)
    parser (3.3.4.0)
      ast (~> 2.4.1)
      racc
    process-metrics (0.2.1)
      console (~> 1.8)
      samovar (~> 2.1)
    protocol-hpack (1.4.3)
    protocol-http (0.26.6)
    protocol-http1 (0.19.1)
      protocol-http (~> 0.22)
    protocol-http2 (0.18.0)
      protocol-hpack (~> 1.4)
      protocol-http (~> 0.18)
    protocol-rack (0.6.0)
      protocol-http (~> 0.23)
      rack (>= 1.0)
    racc (1.8.1)
    rack (3.1.7)
    rack-cache (1.17.0)
      rack (>= 0.4)
    rainbow (3.1.1)
    rapidjson (0.3.0)
    regexp_parser (2.9.2)
    rexml (3.3.4)
      strscan
    roda (3.83.0)
      rack
    rubocop (1.65.1)
      json (~> 2.3)
      language_server-protocol (>= 3.17.0)
      parallel (~> 1.10)
      parser (>= 3.3.0.2)
      rainbow (>= 2.2.2, < 4.0)
      regexp_parser (>= 2.4, < 3.0)
      rexml (>= 3.2.5, < 4.0)
      rubocop-ast (>= 1.31.1, < 2.0)
      ruby-progressbar (~> 1.7)
      unicode-display_width (>= 2.4.0, < 3.0)
    rubocop-ast (1.31.3)
      parser (>= 3.3.1.0)
    ruby-progressbar (1.13.0)
    samovar (2.3.0)
      console (~> 1.0)
      mapping (~> 1.0)
    strscan (3.1.0)
    tilt (2.4.0)
    traces (0.11.1)
    unicode-display_width (2.5.0)

PLATFORMS
  ruby

DEPENDENCIES
  falcon
  rack-cache
  rapidjson
  roda
  rubocop
  tilt

RUBY VERSION
   ruby 3.3.0p0

BUNDLED WITH
   2.5.9
