GEM
  remote: https://rubygems.org/
  specs:
    ast (2.4.3)
    async (2.34.0)
      console (~> 1.29)
      fiber-annotation
      io-event (~> 1.11)
      metrics (~> 0.12)
      traces (~> 0.18)
    async-container (0.27.6)
      async (~> 2.22)
    async-container-supervisor (0.6.4)
      async-service
      io-endpoint
      memory-leak (~> 0.5)
    async-http (0.91.0)
      async (>= 2.10.2)
      async-pool (~> 0.11)
      io-endpoint (~> 0.14)
      io-stream (~> 0.6)
      metrics (~> 0.12)
      protocol-http (~> 0.49)
      protocol-http1 (~> 0.30)
      protocol-http2 (~> 0.22)
      traces (~> 0.10)
    async-http-cache (0.4.6)
      async-http (~> 0.56)
    async-pool (0.11.0)
      async (>= 2.0)
    async-service (0.14.4)
      async
      async-container (~> 0.16)
      string-format (~> 0.2)
    console (1.34.1)
      fiber-annotation
      fiber-local (~> 1.1)
      json
    falcon (0.52.4)
      async
      async-container (~> 0.20)
      async-container-supervisor (~> 0.6)
      async-http (~> 0.75)
      async-http-cache (~> 0.4)
      async-service (~> 0.10)
      bundler
      localhost (~> 1.1)
      openssl (~> 3.0)
      protocol-http (~> 0.31)
      protocol-rack (~> 0.7)
      samovar (~> 2.3)
    fiber-annotation (0.2.0)
    fiber-local (1.1.0)
      fiber-storage
    fiber-storage (1.0.1)
    io-endpoint (0.15.2)
    io-event (1.14.0)
    io-stream (0.10.0)
    json (2.15.1)
    language_server-protocol (3.17.0.5)
    lint_roller (1.1.0)
    localhost (1.6.0)
    mapping (1.1.3)
    memory-leak (0.7.0)
    metrics (0.15.0)
    openssl (3.3.1)
    parallel (1.27.0)
    parser (3.3.9.0)
      ast (~> 2.4.1)
      racc
    prism (1.5.1)
    protocol-hpack (1.5.1)
    protocol-http (0.54.0)
    protocol-http1 (0.35.2)
      protocol-http (~> 0.22)
    protocol-http2 (0.23.0)
      protocol-hpack (~> 1.4)
      protocol-http (~> 0.47)
    protocol-rack (0.16.0)
      io-stream (>= 0.10)
      protocol-http (~> 0.43)
      rack (>= 1.0)
    racc (1.8.1)
    rack (3.2.3)
    rack-cache (1.17.0)
      rack (>= 0.4)
    rainbow (3.1.1)
    rapidjson (0.4.0)
    regexp_parser (2.11.3)
    roda (3.96.0)
      rack
    rubocop (1.81.1)
      json (~> 2.3)
      language_server-protocol (~> 3.17.0.2)
      lint_roller (~> 1.1.0)
      parallel (~> 1.10)
      parser (>= 3.3.0.2)
      rainbow (>= 2.2.2, < 4.0)
      regexp_parser (>= 2.9.3, < 3.0)
      rubocop-ast (>= 1.47.1, < 2.0)
      ruby-progressbar (~> 1.7)
      unicode-display_width (>= 2.4.0, < 4.0)
    rubocop-ast (1.47.1)
      parser (>= 3.3.7.2)
      prism (~> 1.4)
    ruby-progressbar (1.13.0)
    samovar (2.4.1)
      console (~> 1.0)
      mapping (~> 1.0)
    string-format (0.2.0)
    tilt (2.6.1)
    traces (0.18.2)
    unicode-display_width (3.2.0)
      unicode-emoji (~> 4.1)
    unicode-emoji (4.1.0)

PLATFORMS
  ruby

DEPENDENCIES
  falcon
  rack-cache
  rapidjson
  roda
  rubocop
  tilt

RUBY VERSION
   ruby 3.4.1p0

BUNDLED WITH
   2.6.2
